GEM
  remote: http://rubygems.org/
  specs:
    7digital (0.0.6)
      peachy (>= 0.3.5)
      will_paginate (>= 2.3.15)
    haml (5.0.0)
      temple (>= 0.8.0)
      tilt
    mustermann (2.0.2)
      ruby2_keywords (~> 0.0.1)
    oauth (0.5.5)
    peachy (0.4.1)
    rack (2.2.4)
    rack-protection (2.2.3)
      rack
    ruby2_keywords (0.0.5)
    sinatra (2.2.3)
      mustermann (~> 2.0)
      rack (~> 2.2)
      rack-protection (= 2.2.3)
      tilt (~> 2.0)
    temple (0.8.2)
    tilt (2.0.11)
    will_paginate (3.2.1)

PLATFORMS
  ruby

DEPENDENCIES
  7digital
  haml
  oauth (>= 0.5.5)
  sinatra (>= 2.0.2)

BUNDLED WITH
   1.17.3
