GEM
  remote: http://rubygems.org/
  specs:
    7digital (0.0.6)
      peachy (>= 0.3.5)
      will_paginate (>= 2.3.15)
    oauth (0.4.4)
    peachy (0.4.1)
    will_paginate (2.3.15)

PLATFORMS
  ruby

DEPENDENCIES
  7digital
  oauth
