GEM
  remote: http://rubygems.org/
  specs:
    7digital (0.0.6)
      peachy (>= 0.3.5)
      will_paginate (>= 2.3.15)
    haml (3.0.25)
    oauth (0.4.4)
    peachy (0.4.1)
    rack (1.2.2)
    sinatra (1.2.2)
      rack (~> 1.1)
      tilt (>= 1.2.2, < 2.0)
    tilt (1.2.2)
    will_paginate (2.3.15)

PLATFORMS
  ruby

DEPENDENCIES
  7digital
  haml
  oauth
  sinatra
